GEM
  remote: https://rubygems.org/
  specs:
    figaro (1.1.1)
      thor (~> 0.14)
    mail (2.6.5)
      mime-types (>= 1.16, < 4)
    mime-types (3.1)
      mime-types-data (~> 3.2015)
    mime-types-data (3.2016.0521)
    pony (1.11)
      mail (>= 2.0)
    rack (1.6.6)
    ruby_http_client (3.0.2)
    sendgrid-ruby (4.0.8)
      ruby_http_client (~> 3.0.1)
    sinatra (1.1.0)
      rack (~> 1.1)
      tilt (~> 1.1)
    thor (0.19.4)
    tilt (1.4.1)

PLATFORMS
  ruby

DEPENDENCIES
  figaro
  pony
  sendgrid-ruby
  sinatra (= 1.1.0)

BUNDLED WITH
   1.13.6
